GEM
  remote: http://rubygems.org/
  specs:
    activemodel (4.1.0)
      activesupport (= 4.1.0)
      builder (~> 3.1)
    activerecord (4.1.0)
      activemodel (= 4.1.0)
      activesupport (= 4.1.0)
      arel (~> 5.0.0)
    activesupport (4.1.0)
      i18n (~> 0.6, >= 0.6.9)
      json (~> 1.7, >= 1.7.7)
      minitest (~> 5.1)
      thread_safe (~> 0.1)
      tzinfo (~> 1.1)
    arel (5.0.0)
    builder (3.2.2)
    i18n (0.6.9)
    json (1.8.1)
    kgio (2.9.2)
    minitest (5.3.2)
    rack (1.5.2)
    rack-protection (1.5.3)
      rack
    raindrops (0.13.0)
    sinatra (1.4.5)
      rack (~> 1.4)
      rack-protection (~> 1.4)
      tilt (~> 1.3, >= 1.3.4)
    sqlite3 (1.3.9)
    thread_safe (0.3.3)
    tilt (1.4.1)
    tzinfo (1.1.0)
      thread_safe (~> 0.1)
    unicorn (4.8.2)
      kgio (~> 2.6)
      rack
      raindrops (~> 0.7)

PLATFORMS
  ruby

DEPENDENCIES
  activerecord
  json
  sinatra
  sqlite3
  unicorn
